PATH
  remote: .
  specs:
    destroyall (0.0.3)

GEM
  remote: https://rubygems.org/
  specs:
    rake (10.3.2)

PLATFORMS
  ruby

DEPENDENCIES
  bundler (~> 1.5)
  destroyall!
  rake
